GEM
  remote: https://rubygems.org/
  specs:
    coderay (1.0.9)
    colored (1.2)
    cri (2.3.0)
      colored (>= 1.2)
    diff-lcs (1.2.1)
    erubis (2.7.0)
    method_source (0.8.1)
    mime-types (1.21)
    nanoc (3.6.2)
      cri (~> 2.3)
    pry (0.9.12)
      coderay (~> 1.0.5)
      method_source (~> 0.8)
      slop (~> 3.4)
    rack (1.5.2)
    rake (10.0.4)
    redcarpet (2.2.2)
    rspec (2.13.0)
      rspec-core (~> 2.13.0)
      rspec-expectations (~> 2.13.0)
      rspec-mocks (~> 2.13.0)
    rspec-core (2.13.1)
    rspec-expectations (2.13.0)
      diff-lcs (>= 1.1.3, < 2.0)
    rspec-mocks (2.13.0)
    sass (3.2.7)
    slop (3.4.4)

PLATFORMS
  ruby

DEPENDENCIES
  erubis
  mime-types
  nanoc
  pry
  rack
  rake
  redcarpet
  rspec
  sass
